GEM
  remote: http://rubygems.org/
  specs:
    addressable (2.8.1)
      public_suffix (>= 2.0.2, < 6.0)
    builder (2.1.2)
    cucumber (0.8.5)
      builder (~> 2.1.2)
      diff-lcs (~> 1.1.2)
      gherkin (~> 2.1.4)
      json_pure (~> 1.4.3)
      term-ansicolor (~> 1.0.4)
    diff-lcs (1.1.2)
    gemcutter (0.6.1)
    gherkin (2.1.5)
      trollop (~> 1.16.2)
    git (1.13.1)
      addressable (~> 2.8)
      rchardet (~> 1.8)
    jeweler (1.4.0)
      gemcutter (>= 0.1.0)
      git (>= 1.2.5)
      rubyforge (>= 2.0.0)
    json_pure (1.4.6)
    public_suffix (5.0.1)
    rake (0.8.7)
    rchardet (1.8.0)
    rr (1.0.0)
    rspec (1.3.0)
    rubyforge (2.0.4)
      json_pure (>= 1.1.7)
    term-ansicolor (1.0.5)
    trollop (1.16.2)

PLATFORMS
  ruby

DEPENDENCIES
  cucumber (~> 0.8.5)
  jeweler (~> 1.4.0)
  rake (~> 0.8.7)
  rr (~> 1.0.0)
  rspec (~> 1.3.0)
  term-ansicolor (~> 1.0.5)
